PATH
  remote: .
  specs:
    schnecke (0.4.5)
      activerecord (> 4.2.0)
      activesupport (> 4.2.0)

GEM
  remote: https://rubygems.org/
  specs:
    activemodel (7.0.7.2)
      activesupport (= 7.0.7.2)
    activerecord (7.0.7.2)
      activemodel (= 7.0.7.2)
      activesupport (= 7.0.7.2)
    activesupport (7.0.7.2)
      concurrent-ruby (~> 1.0, >= 1.0.2)
      i18n (>= 1.6, < 2)
      minitest (>= 5.1)
      tzinfo (~> 2.0)
    ast (2.4.2)
    base64 (0.1.1)
    bundler-audit (0.9.1)
      bundler (>= 1.2.0, < 3)
      thor (~> 1.0)
    concurrent-ruby (1.2.2)
    i18n (1.14.1)
      concurrent-ruby (~> 1.0)
    json (2.6.3)
    language_server-protocol (3.17.0.3)
    minitest (5.19.0)
    parallel (1.23.0)
    parser (3.2.2.3)
      ast (~> 2.4.1)
      racc
    racc (1.7.1)
    rack (3.0.8)
    rainbow (3.1.1)
    rake (12.3.3)
    regexp_parser (2.8.1)
    rexml (3.2.6)
    rubocop (1.56.1)
      base64 (~> 0.1.1)
      json (~> 2.3)
      language_server-protocol (>= 3.17.0)
      parallel (~> 1.10)
      parser (>= 3.2.2.3)
      rainbow (>= 2.2.2, < 4.0)
      regexp_parser (>= 1.8, < 3.0)
      rexml (>= 3.2.5, < 4.0)
      rubocop-ast (>= 1.28.1, < 2.0)
      ruby-progressbar (~> 1.7)
      unicode-display_width (>= 2.4.0, < 3.0)
    rubocop-ast (1.29.0)
      parser (>= 3.2.1.0)
    rubocop-minitest (0.31.0)
      rubocop (>= 1.39, < 2.0)
    rubocop-performance (1.19.0)
      rubocop (>= 1.7.0, < 2.0)
      rubocop-ast (>= 0.4.0)
    rubocop-rails (2.20.2)
      activesupport (>= 4.2.0)
      rack (>= 1.1)
      rubocop (>= 1.33.0, < 2.0)
    rubocop-rake (0.6.0)
      rubocop (~> 1.0)
    ruby-progressbar (1.13.0)
    ruby_audit (2.2.0)
      bundler-audit (~> 0.9.0)
    sqlite3 (1.6.4-x86_64-darwin)
    sqlite3 (1.6.4-x86_64-linux)
    temping (4.0.0)
      activerecord (>= 5.2, < 7.1)
      activesupport (>= 5.2, < 7.1)
    thor (1.2.2)
    tzinfo (2.0.6)
      concurrent-ruby (~> 1.0)
    unicode-display_width (2.4.2)

PLATFORMS
  x86_64-darwin-21
  x86_64-darwin-22
  x86_64-linux

DEPENDENCIES
  bundler (~> 2.3)
  bundler-audit
  minitest (~> 5.0)
  rake (~> 12.3)
  rubocop
  rubocop-minitest
  rubocop-performance
  rubocop-rails
  rubocop-rake
  ruby_audit
  schnecke!
  sqlite3
  temping (~> 4.0)

BUNDLED WITH
   2.3.26
